PATH
  remote: .
  specs:
    rack-federated-auth (0.3.2)
      omniauth
      sinatra

GEM
  remote: http://rubygems.org/
  specs:
    hashie (2.0.5)
    json (1.6.5)
    omniauth (1.1.4)
      hashie (>= 1.2, < 3)
      rack
    rack (1.5.2)
    rack-protection (1.5.0)
      rack
    rdoc (3.12)
      json (~> 1.4)
    shoulda (3.0.1)
      shoulda-context (~> 1.0.0)
      shoulda-matchers (~> 1.0.0)
    shoulda-context (1.0.0)
    shoulda-matchers (1.0.0)
    sinatra (1.4.3)
      rack (~> 1.4)
      rack-protection (~> 1.4)
      tilt (~> 1.3, >= 1.3.4)
    tilt (1.4.1)

PLATFORMS
  ruby

DEPENDENCIES
  bundler (~> 1.1.0)
  rack-federated-auth!
  rdoc (~> 3.12)
  shoulda
